PATH
  remote: .
  specs:
    replr (0.9.0)

GEM
  remote: https://rubygems.org/
  specs:
    minitest (5.11.3)
    rake (12.3.1)

PLATFORMS
  ruby

DEPENDENCIES
  minitest
  rake
  replr!

BUNDLED WITH
   1.16.2
